GEM
  remote: https://rubygems.org/
  specs:
    daemons (1.2.6)
    dotenv (2.2.1)
    eventmachine (1.2.5)
    foreman (0.84.0)
      thor (~> 0.19.1)
    httparty (0.16.1)
      multi_xml (>= 0.5.2)
    logger (1.2.8)
    multi_xml (0.6.0)
    mustermann (1.0.3)
    rack (2.0.4)
    rack-protection (2.0.4)
      rack
    redis (4.0.1)
    sinatra (2.0.4)
      mustermann (~> 1.0)
      rack (~> 2.0)
      rack-protection (= 2.0.4)
      tilt (~> 2.0)
    text (1.3.1)
    thin (1.7.2)
      daemons (~> 1.0, >= 1.0.9)
      eventmachine (~> 1.0, >= 1.0.4)
      rack (>= 1, < 3)
    thor (0.19.4)
    tilt (2.0.8)

PLATFORMS
  ruby

DEPENDENCIES
  dotenv
  foreman
  httparty
  logger
  redis
  sinatra (>= 2.0.2)
  text
  thin

RUBY VERSION
   ruby 2.3.7p456

BUNDLED WITH
   1.16.1
