GEM
  remote: https://rubygems.org/
  specs:
    daemons (1.3.1)
    dotenv (2.7.5)
    eventmachine (1.2.7)
    foreman (0.85.0)
      thor (~> 0.19.1)
    httparty (0.17.0)
      mime-types (~> 3.0)
      multi_xml (>= 0.5.2)
    logger (1.4.1)
    mime-types (3.2.2)
      mime-types-data (~> 3.2015)
    mime-types-data (3.2019.0331)
    multi_xml (0.6.0)
    mustermann (2.0.2)
      ruby2_keywords (~> 0.0.1)
    rack (2.2.4)
    rack-protection (2.2.3)
      rack
    redis (4.1.2)
    ruby2_keywords (0.0.5)
    sinatra (2.2.3)
      mustermann (~> 2.0)
      rack (~> 2.2)
      rack-protection (= 2.2.3)
      tilt (~> 2.0)
    text (1.3.1)
    thin (1.7.2)
      daemons (~> 1.0, >= 1.0.9)
      eventmachine (~> 1.0, >= 1.0.4)
      rack (>= 1, < 3)
    thor (0.19.4)
    tilt (2.0.11)

PLATFORMS
  ruby

DEPENDENCIES
  dotenv
  foreman
  httparty
  logger
  redis
  sinatra (>= 2.0.2)
  text
  thin

RUBY VERSION
  ruby 2.6.3

BUNDLED WITH
  1.16.1
